PATH
  remote: .
  specs:
    piliv2 (2.2.0)

GEM
  remote: https://rubygems.org/
  specs:
    ethon (0.14.0)
      ffi (>= 1.15.0)
    ffi (1.15.3)
    rake (13.0.6)
    typhoeus (1.4.0)
      ethon (>= 0.9.0)

PLATFORMS
  x86_64-darwin-20

DEPENDENCIES
  bundler (>= 1.7)
  piliv2!
  rake (>= 10.0)
  typhoeus (>= 1.3)

BUNDLED WITH
   2.2.16
